GEM
  remote: http://rubygems.org/
  specs:
    ParseTree (3.0.6)
      RubyInline (>= 3.7.0)
      sexp_processor (>= 3.0.0)
    RubyInline (3.8.6)
      ZenTest (~> 4.3)
    ZenTest (4.4.0)
    activesupport (2.3.5)
    addressable (2.2.2)
    autotest (4.4.1)
    autotest-fsevent (0.1.1)
      ZenTest (>= 4.0.0)
      sys-uname (>= 0.8.3)
    bcrypt-ruby (2.1.2)
    be_valid_asset (1.1.1)
      rspec
    columnize (0.3.1)
    data_objects (0.10.1)
      addressable (~> 2.1)
    dm-adjust (0.10.2)
      dm-core (~> 0.10.2)
    dm-aggregates (0.10.2)
      dm-core (~> 0.10.2)
    dm-core (0.10.2)
      addressable (~> 2.1)
      extlib (~> 0.9.14)
    dm-is-list (0.10.2)
      dm-adjust (~> 0.10.2)
      dm-core (~> 0.10.2)
    dm-is-tree (0.10.2)
      dm-core (~> 0.10.2)
    dm-serializer (0.10.2)
      dm-core (~> 0.10.2)
      fastercsv (~> 1.5.0)
      json_pure (~> 1.2.0)
    dm-sweatshop (0.10.2)
      dm-core (~> 0.10.2)
      randexp (~> 0.1.4)
    dm-tags (0.10.2)
      dm-core (~> 0.10.2)
      dm-validations (~> 0.10.2)
    dm-timestamps (0.10.2)
      dm-core (~> 0.10.2)
    dm-types (0.10.2)
      bcrypt-ruby (~> 2.1.2)
      dm-core (~> 0.10.2)
      fastercsv (~> 1.5.0)
      json_pure (~> 1.2.0)
      stringex (~> 1.1.0)
      uuidtools (~> 2.1.1)
    dm-validations (0.10.2)
      dm-core (~> 0.10.2)
    do_sqlite3 (0.10.1)
      data_objects (= 0.10.1)
    extlib (0.9.15)
    fastercsv (1.5.3)
    haml (3.0.21)
    json_pure (1.2.4)
    linecache (0.43)
    nokogiri (1.4.3.1)
    rack (1.0.1)
    rack-flash (0.1.1)
      rack
    rack-test (0.5.6)
      rack (>= 1.0)
    randexp (0.1.5)
      ParseTree
    rspec (1.2.9)
    ruby-debug (0.10.3)
      columnize (>= 0.1)
      ruby-debug-base (~> 0.10.3.0)
    ruby-debug-base (0.10.3)
      linecache (>= 0.3)
    sexp_processor (3.0.5)
    sinatra (0.9.4)
      rack (>= 0.9.1)
    sqlite3-ruby (1.2.5)
    stringex (1.1.0)
    sys-uname (0.8.4)
    uuidtools (2.1.1)
    webrat (0.7.1)
      nokogiri (>= 1.2.0)
      rack (>= 1.0)
      rack-test (>= 0.5.3)

PLATFORMS
  ruby

DEPENDENCIES
  activesupport (= 2.3.5)
  autotest
  autotest-fsevent (= 0.1.1)
  be_valid_asset
  data_objects (= 0.10.1)
  dm-aggregates (= 0.10.2)
  dm-core (= 0.10.2)
  dm-is-list (= 0.10.2)
  dm-is-tree (= 0.10.2)
  dm-serializer (= 0.10.2)
  dm-sweatshop (= 0.10.2)
  dm-tags (= 0.10.2)
  dm-timestamps (= 0.10.2)
  dm-types (= 0.10.2)
  dm-validations (= 0.10.2)
  do_sqlite3 (= 0.10.1)
  haml
  rack (= 1.0.1)
  rack-flash (= 0.1.1)
  rack-test
  rspec (~> 1.2.9)
  ruby-debug
  sinatra (= 0.9.4)
  sqlite3-ruby (= 1.2.5)
  webrat
